GEM
  remote: http://rubygems.org/
  specs:
    diff-lcs (1.2.4)
    git (1.2.5)
    highline (1.6.19)
    jeweler (1.8.4)
      bundler (~> 1.0)
      git (>= 1.2.5)
      rake
      rdoc
    json (1.8.0)
    rake (10.0.4)
    rb-readline (0.5.0)
    rdoc (3.12.2)
      json (~> 1.4)
    rspec (2.13.0)
      rspec-core (~> 2.13.0)
      rspec-expectations (~> 2.13.0)
      rspec-mocks (~> 2.13.0)
    rspec-core (2.13.1)
    rspec-expectations (2.13.0)
      diff-lcs (>= 1.1.3, < 2.0)
    rspec-mocks (2.13.1)

PLATFORMS
  ruby

DEPENDENCIES
  bundler (~> 1.3.5)
  highline
  jeweler (~> 1.8.4)
  rb-readline
  rdoc (~> 3.12)
  rspec (~> 2.13.0)
